GEM
  remote: https://rubygems.org/
  specs:
    aws-sdk (2.9.20)
      aws-sdk-resources (= 2.9.20)
    aws-sdk-core (2.9.20)
      aws-sigv4 (~> 1.0)
      jmespath (~> 1.0)
    aws-sdk-resources (2.9.20)
      aws-sdk-core (= 2.9.20)
    aws-sigv4 (1.0.0)
    curb (0.9.3)
    faraday (0.12.1)
      multipart-post (>= 1.2, < 3)
    faraday_middleware (0.11.0.1)
      faraday (>= 0.7.4, < 1.0)
    feedjira (2.1.2)
      faraday (>= 0.9)
      faraday_middleware (>= 0.9)
      loofah (>= 2.0)
      sax-machine (>= 1.0)
    jmespath (1.3.1)
    loofah (2.0.3)
      nokogiri (>= 1.5.9)
    mini_portile2 (2.1.0)
    multipart-post (2.0.0)
    nokogiri (1.7.2)
      mini_portile2 (~> 2.1.0)
    sax-machine (1.3.2)

PLATFORMS
  ruby

DEPENDENCIES
  aws-sdk
  curb
  feedjira

BUNDLED WITH
   1.13.6
